PATH
  remote: .
  specs:
    wslian_palindrome (0.1.0)

GEM
  remote: https://rubygems.org/
  specs:
    ansi (1.5.0)
    builder (3.2.4)
    minitest (5.15.0)
    minitest-reporters (1.5.0)
      ansi
      builder
      minitest (>= 5.0)
      ruby-progressbar
    rake (13.0.6)
    ruby-progressbar (1.11.0)

PLATFORMS
  x86_64-darwin-20

DEPENDENCIES
  minitest (~> 5.0)
  minitest-reporters (~> 1.5)
  rake (~> 13.0)
  wslian_palindrome!

BUNDLED WITH
   2.3.14
